PATH
  remote: .
  specs:
    em-spec (0.2.2)
      eventmachine
      rspec (~> 2.6)
      rspec (~> 2.6)

GEM
  remote: http://rubygems.org/
  specs:
    diff-lcs (1.1.2)
    eventmachine (0.12.10)
    rspec (2.6.0)
      rspec-core (~> 2.6.0)
      rspec-expectations (~> 2.6.0)
      rspec-mocks (~> 2.6.0)
    rspec-core (2.6.4)
    rspec-expectations (2.6.0)
      diff-lcs (~> 1.1.2)
    rspec-mocks (2.6.0)

PLATFORMS
  ruby

DEPENDENCIES
  bundler (>= 1.0.0)
  em-spec!
