PATH
  remote: .
  specs:
    em-spec (0.2.3)
      bacon
      eventmachine
      rspec (~> 2.6.0)
      test-unit

GEM
  remote: http://rubygems.org/
  specs:
    bacon (1.1.0)
    diff-lcs (1.1.2)
    eventmachine (0.12.10)
    growl (1.0.3)
    guard (0.5.1)
      thor (~> 0.14.6)
    guard-bundler (0.1.3)
      bundler (>= 1.0.0)
      guard (>= 0.2.2)
    guard-rspec (0.2.0)
      guard (>= 0.2.2)
    rspec (2.6.0)
      rspec-core (~> 2.6.0)
      rspec-expectations (~> 2.6.0)
      rspec-mocks (~> 2.6.0)
    rspec-core (2.6.4)
    rspec-expectations (2.6.0)
      diff-lcs (~> 1.1.2)
    rspec-mocks (2.6.0)
    test-unit (2.3.0)
    thor (0.14.6)

PLATFORMS
  ruby

DEPENDENCIES
  em-spec!
  growl
  guard-bundler
  guard-rspec
